PATH
  remote: .
  specs:
    rsift (0.3.1)
      jakal (= 0.1.95)
      json (= 1.4.6)
      rake (= 0.8.7)
      rest-client (= 1.4.2)
      shoulda (= 2.11.3)
      test-unit (= 1.2.3)
      webmock (= 1.6.1)

GEM
  remote: http://rubygems.org/
  specs:
    addressable (2.2.2)
    calais (0.0.11)
      curb (>= 0.1.4)
      json (>= 1.1.3)
      nokogiri (>= 1.3.3)
    crack (0.1.8)
    curb (0.7.9)
    hoe (2.8.0)
      rake (>= 0.8.7)
    hpricot (0.8.3)
    jakal (0.1.95)
      calais (>= 0.0.9)
      hpricot (>= 0.8.2)
      json (>= 1.2.4)
      rest-client (>= 1.4.2)
    json (1.4.6)
    mime-types (1.16)
    nokogiri (1.4.4)
    rake (0.8.7)
    rest-client (1.4.2)
      mime-types (>= 1.16)
    shoulda (2.11.3)
    test-unit (1.2.3)
      hoe (>= 1.5.1)
    webmock (1.6.1)
      addressable (>= 2.2.2)
      crack (>= 0.1.7)

PLATFORMS
  ruby

DEPENDENCIES
  jakal (= 0.1.95)
  json (= 1.4.6)
  rake (= 0.8.7)
  rest-client (= 1.4.2)
  rsift!
  shoulda (= 2.11.3)
  test-unit (= 1.2.3)
  webmock (= 1.6.1)
